GEM
  remote: https://rubygems.org/
  specs:
    kramdown (2.3.1)
      rexml
    rexml (3.2.4)

PLATFORMS
  ruby

DEPENDENCIES
  kramdown
